GEM
  remote: https://rubygems.org/
  specs:
    addressable (2.8.1)
      public_suffix (>= 2.0.2, < 6.0)
    airbrussh (1.4.1)
      sshkit (>= 1.6.1, != 1.7.0)
    ast (2.4.2)
    capistrano (3.17.1)
      airbrussh (>= 1.0.0)
      i18n
      rake (>= 10.0.0)
      sshkit (>= 1.9.0)
    capistrano-bundler (2.1.0)
      capistrano (~> 3.1)
    concurrent-ruby (1.1.10)
    crack (0.4.5)
      rexml
    foreman (0.87.2)
    hashdiff (1.0.1)
    i18n (1.12.0)
      concurrent-ruby (~> 1.0)
    json (2.6.3)
    kgio (2.11.4)
    language_server-protocol (3.17.0.2)
    minitest (5.16.3)
    mustermann (3.0.0)
      ruby2_keywords (~> 0.0.1)
    net-scp (4.0.0)
      net-ssh (>= 2.6.5, < 8.0.0)
    net-ssh (7.0.1)
    parallel (1.22.1)
    parser (3.1.3.0)
      ast (~> 2.4.1)
    public_suffix (5.0.1)
    rack (2.2.4)
    rack-protection (3.0.4)
      rack
    rack-test (2.0.2)
      rack (>= 1.3)
    rainbow (3.1.1)
    raindrops (0.20.0)
    rake (13.0.6)
    regexp_parser (2.6.1)
    rexml (3.2.5)
    rubocop (1.39.0)
      json (~> 2.3)
      parallel (~> 1.10)
      parser (>= 3.1.2.1)
      rainbow (>= 2.2.2, < 4.0)
      regexp_parser (>= 1.8, < 3.0)
      rexml (>= 3.2.5, < 4.0)
      rubocop-ast (>= 1.23.0, < 2.0)
      ruby-progressbar (~> 1.7)
      unicode-display_width (>= 1.4.0, < 3.0)
    rubocop-ast (1.24.0)
      parser (>= 3.1.1.0)
    rubocop-performance (1.15.1)
      rubocop (>= 1.7.0, < 2.0)
      rubocop-ast (>= 0.4.0)
    ruby-progressbar (1.11.0)
    ruby2_keywords (0.0.5)
    sinatra (3.0.4)
      mustermann (~> 3.0)
      rack (~> 2.2, >= 2.2.4)
      rack-protection (= 3.0.4)
      tilt (~> 2.0)
    sshkit (1.21.3)
      net-scp (>= 1.1.2)
      net-ssh (>= 2.8.0)
    standard (1.19.1)
      language_server-protocol (~> 3.17.0.2)
      rubocop (= 1.39.0)
      rubocop-performance (= 1.15.1)
    tilt (2.0.11)
    unicode-display_width (2.3.0)
    unicorn (6.1.0)
      kgio (~> 2.6)
      raindrops (~> 0.7)
    webmock (3.18.1)
      addressable (>= 2.8.0)
      crack (>= 0.3.2)
      hashdiff (>= 0.4.0, < 2.0.0)

PLATFORMS
  arm64-darwin-20
  arm64-darwin-21
  x86_64-linux

DEPENDENCIES
  addressable
  capistrano
  capistrano-bundler
  foreman
  minitest
  rack-test
  sinatra
  standard
  unicorn
  webmock

BUNDLED WITH
   2.2.15
